GEM
  remote: https://rubygems.org/
  specs:
    asciidoctor (2.0.12)
    asciidoctor-html5s (0.5.0)
      asciidoctor (>= 1.5.7, < 3.0)
      thread_safe (~> 0.3.4)
    concurrent-ruby (1.1.8)
    mini_portile2 (2.6.1)
    nokogiri (1.12.5)
      mini_portile2 (~> 2.6.1)
      racc (~> 1.4)
    racc (1.5.2)
    slim (4.1.0)
      temple (>= 0.7.6, < 0.9)
      tilt (>= 2.0.6, < 2.1)
    temple (0.8.2)
    thread_safe (0.3.6)
    tilt (2.0.10)

PLATFORMS
  ruby

DEPENDENCIES
  asciidoctor (~> 2.0, >= 2.0.12)
  asciidoctor-html5s (~> 0.5.0)
  concurrent-ruby (~> 1.1, >= 1.1.8)
  nokogiri (~> 1.12)
  slim (~> 4.1)
  tilt (~> 2.0, >= 2.0.10)

BUNDLED WITH
   2.1.4
